GEM
  remote: https://rubygems.org/
  specs:
    archive-tar-minitar (0.5.2)
    aws-sdk (1.50.0)
      json (~> 1.4)
      nokogiri (>= 1.4.4)
    coderay (1.1.0)
    docker-api (1.13.2)
      archive-tar-minitar
      excon (>= 0.38.0)
      json
    excon (0.38.0)
    json (1.8.1)
    method_source (0.8.2)
    mini_portile (0.6.0)
    nokogiri (1.6.3.1)
      mini_portile (= 0.6.0)
    pry (0.10.0)
      coderay (~> 1.1.0)
      method_source (~> 0.8.1)
      slop (~> 3.4)
    puma (2.9.0)
      rack (>= 1.1, < 2.0)
    rack (1.5.2)
    rake (0.9.6)
    slop (3.6.0)

PLATFORMS
  ruby

DEPENDENCIES
  aws-sdk
  docker-api
  pry
  puma
  rack
  rake
